PATH
  remote: .
  specs:
    remote_service (0.2.1)
      msgpack (~> 0.7.4)
      nats (~> 0.8.0)

GEM
  remote: https://rubygems.org/
  specs:
    eventmachine (1.2.0.1)
    metaclass (0.0.4)
    minitest (5.9.0)
    mocha (1.1.0)
      metaclass (~> 0.0.1)
    msgpack (0.7.6)
    nats (0.8.0)
      eventmachine (~> 1.2, >= 1.2.0)
    rake (10.5.0)

PLATFORMS
  ruby

DEPENDENCIES
  bundler (~> 1.12)
  minitest (~> 5.0)
  mocha (~> 1.1)
  rake (~> 10.0)
  remote_service!

BUNDLED WITH
   1.13.1
